GEM
  remote: http://rubygems.org/
  specs:
    addressable (2.4.0)
    base64 (0.2.0)
    bigdecimal (3.1.9)
    builder (3.3.0)
    date (3.4.1)
    descendants_tracker (0.0.4)
      thread_safe (~> 0.3, >= 0.3.1)
    diff-lcs (1.6.0)
    faraday (0.9.2)
      multipart-post (>= 1.2, < 3)
    git (1.11.0)
      rchardet (~> 1.8)
    github_api (0.16.0)
      addressable (~> 2.4.0)
      descendants_tracker (~> 0.0.4)
      faraday (~> 0.8, < 0.10)
      hashie (>= 3.4)
      mime-types (>= 1.16, < 3.0)
      oauth2 (~> 1.0)
    hashie (5.0.0)
    highline (3.1.2)
      reline
    io-console (0.8.0)
    jeweler (2.3.9)
      builder
      bundler
      git (>= 1.2.5)
      github_api (~> 0.16.0)
      highline (>= 1.6.15)
      nokogiri (>= 1.5.10)
      psych
      rake
      rdoc
      semver2
    jwt (2.10.1)
      base64
    mime-types (2.99.3)
    multi_json (1.15.0)
    multi_xml (0.7.1)
      bigdecimal (~> 3.1)
    multipart-post (2.4.1)
    nokogiri (1.18.2-aarch64-linux-gnu)
      racc (~> 1.4)
    nokogiri (1.18.2-aarch64-linux-musl)
      racc (~> 1.4)
    nokogiri (1.18.2-arm-linux-gnu)
      racc (~> 1.4)
    nokogiri (1.18.2-arm-linux-musl)
      racc (~> 1.4)
    nokogiri (1.18.2-arm64-darwin)
      racc (~> 1.4)
    nokogiri (1.18.2-x86_64-darwin)
      racc (~> 1.4)
    nokogiri (1.18.2-x86_64-linux-gnu)
      racc (~> 1.4)
    nokogiri (1.18.2-x86_64-linux-musl)
      racc (~> 1.4)
    oauth2 (1.4.8)
      faraday (>= 0.8, < 3.0)
      jwt (>= 1.0, < 3.0)
      multi_json (~> 1.3)
      multi_xml (~> 0.5)
      rack (>= 1.2, < 3)
    psych (5.2.3)
      date
      stringio
    racc (1.8.1)
    rack (2.2.11)
    rake (13.2.1)
    rchardet (1.9.0)
    rdoc (6.12.0)
      psych (>= 4.0.0)
    reline (0.6.0)
      io-console (~> 0.5)
    rspec (3.13.0)
      rspec-core (~> 3.13.0)
      rspec-expectations (~> 3.13.0)
      rspec-mocks (~> 3.13.0)
    rspec-core (3.13.3)
      rspec-support (~> 3.13.0)
    rspec-expectations (3.13.3)
      diff-lcs (>= 1.2.0, < 2.0)
      rspec-support (~> 3.13.0)
    rspec-mocks (3.13.2)
      diff-lcs (>= 1.2.0, < 2.0)
      rspec-support (~> 3.13.0)
    rspec-support (3.13.2)
    semver2 (3.4.2)
    stringio (3.1.3)
    thread_safe (0.3.6)

PLATFORMS
  aarch64-linux-gnu
  aarch64-linux-musl
  arm-linux-gnu
  arm-linux-musl
  arm64-darwin
  x86_64-darwin
  x86_64-linux-gnu
  x86_64-linux-musl

DEPENDENCIES
  bundler (~> 2.6.4)
  jeweler
  rspec

BUNDLED WITH
   2.6.4
